PATH
  remote: .
  specs:
    rbcdt (0.1.0)

GEM
  remote: https://rubygems.org/
  specs:
    rake (13.2.1)
    rake-compiler (1.2.7)
      rake
    rb_sys (0.9.97)

PLATFORMS
  arm64-darwin-23

DEPENDENCIES
  rake (~> 13.0)
  rake-compiler
  rb_sys
  rbcdt!

BUNDLED WITH
   2.4.1
